GIT
  remote: https://github.com/masarakki/bindata.git
  revision: 26d5d9479d5484cdd3019a428df74a128b0ffd2c
  branch: lazy-array
  specs:
    bindata (2.4.2)

GEM
  remote: https://rubygems.org/
  specs:
    coderay (1.1.2)
    imageruby (0.2.5)
    imageruby-bmp (0.1.0)
    method_source (0.9.0)
    pry (0.11.3)
      coderay (~> 1.1.0)
      method_source (~> 0.9.0)
    pry-doc (0.13.3)
      pry (~> 0.11)
      yard (~> 0.9.11)
    yard (0.9.12)

PLATFORMS
  ruby

DEPENDENCIES
  bindata!
  imageruby
  imageruby-bmp
  pry
  pry-doc

BUNDLED WITH
   1.16.1
